GEM
  remote: https://rubygems.org/
  specs:
    clamp (0.6.4)
    rake (10.4.2)

PLATFORMS
  x64-mingw32

DEPENDENCIES
  bundler
  clamp
  rake
